GEM
  remote: http://rubygems.org/
  specs:
    activemodel (3.2.21)
      activesupport (= 3.2.21)
      builder (~> 3.0.0)
    activesupport (3.2.21)
      i18n (~> 0.6, >= 0.6.4)
      multi_json (~> 1.0)
    bson (1.12.1)
    bson_ext (1.12.1)
      bson (~> 1.12.1)
    builder (3.0.4)
    i18n (0.7.0)
    json (1.8.2)
    mongo (1.12.1)
      bson (= 1.12.1)
    mongoid (3.1.6)
      activemodel (~> 3.2)
      moped (~> 1.4)
      origin (~> 1.0)
      tzinfo (~> 0.3.29)
    moped (1.5.2)
    multi_json (1.11.0)
    origin (1.1.0)
    puma (2.11.1)
      rack (>= 1.1, < 2.0)
    rack (1.6.0)
    rack-protection (1.5.3)
      rack
    rack-test (0.6.3)
      rack (>= 1.0)
    rake (10.4.2)
    sinatra (1.4.6)
      rack (~> 1.4)
      rack-protection (~> 1.4)
      tilt (>= 1.3, < 3)
    source2swagger (0.0.2)
      json
    tilt (2.0.1)
    tzinfo (0.3.43)

PLATFORMS
  ruby

DEPENDENCIES
  bson_ext
  json
  mongo
  mongoid
  puma
  rack
  rack-test
  rake
  sinatra
  source2swagger
